PATH
  remote: .
  specs:
    huey (2.1.0)
      chronic (>= 0.9.0)
      color (>= 1.4.1)
      eventmachine (>= 1.0.0)
      httparty (>= 0.9.0)
      multi_json (~> 1.8)

GEM
  remote: http://rubygems.org/
  specs:
    addressable (2.7.0)
      public_suffix (>= 2.0.2, < 5.0)
    chronic (0.10.2)
    color (1.8)
    color-tools (1.3.0)
    crack (0.4.3)
      safe_yaml (~> 1.0.0)
    eventmachine (1.2.7)
    hashdiff (1.0.1)
    httparty (0.18.1)
      mime-types (~> 3.0)
      multi_xml (>= 0.5.2)
    mime-types (3.3.1)
      mime-types-data (~> 3.2015)
    mime-types-data (3.2020.0512)
    minitest (5.14.1)
    mocha (1.11.2)
    multi_json (1.15.0)
    multi_xml (0.6.0)
    public_suffix (4.0.5)
    rake (13.0.1)
    safe_yaml (1.0.5)
    timecop (0.9.1)
    webmock (3.8.3)
      addressable (>= 2.3.6)
      crack (>= 0.3.2)
      hashdiff (>= 0.4.0, < 2.0.0)
    yard (0.9.25)

PLATFORMS
  ruby

DEPENDENCIES
  bundler
  chronic
  color-tools
  huey!
  minitest
  mocha (~> 1.0)
  rake
  timecop
  webmock
  yard (>= 0.8.3)

BUNDLED WITH
   2.1.4
